GIT
  remote: https://github.com/citizensadvice/citizens-advice-style-ruby.git
  revision: 1f1bb85b4ad28254583a184dddc6b47dfeb5da7b
  tag: v2.1.0
  specs:
    citizens-advice-style (2.1.0)
      rubocop (~> 1.11.0)

PATH
  remote: .
  specs:
    cloudformation-ruby-dsl (1.6.8)
      aws-sdk-cloudformation (~> 1.24)
      aws-sdk-s3 (~> 1.45)
      bundler (~> 2.0)
      detabulator (~> 0.1.0)
      diffy (~> 3.3)
      highline (~> 2.0)
      rake (~> 12.3)

GEM
  remote: https://rubygems.org/
  specs:
    ast (2.4.2)
    aws-eventstream (1.1.1)
    aws-partitions (1.470.0)
    aws-sdk-cloudformation (1.52.0)
      aws-sdk-core (~> 3, >= 3.112.0)
      aws-sigv4 (~> 1.1)
    aws-sdk-core (3.114.3)
      aws-eventstream (~> 1, >= 1.0.2)
      aws-partitions (~> 1, >= 1.239.0)
      aws-sigv4 (~> 1.1)
      jmespath (~> 1.0)
    aws-sdk-kms (1.44.0)
      aws-sdk-core (~> 3, >= 3.112.0)
      aws-sigv4 (~> 1.1)
    aws-sdk-s3 (1.96.1)
      aws-sdk-core (~> 3, >= 3.112.0)
      aws-sdk-kms (~> 1)
      aws-sigv4 (~> 1.1)
    aws-sigv4 (1.2.3)
      aws-eventstream (~> 1, >= 1.0.2)
    cfn-model (0.5.1)
      kwalify (= 0.7.2)
      psych (~> 3)
    coderay (1.1.3)
    detabulator (0.1.0)
    diff-lcs (1.4.4)
    diffy (3.4.0)
    docile (1.3.2)
    highline (2.0.3)
    jmespath (1.4.0)
    kwalify (0.7.2)
    method_source (1.0.0)
    nexus (1.4.0)
    parallel (1.20.1)
    parser (3.0.1.1)
      ast (~> 2.4.1)
    pry (0.13.1)
      coderay (~> 1.1)
      method_source (~> 1.0)
    psych (3.2.0)
    rainbow (3.0.0)
    rake (12.3.3)
    regexp_parser (2.1.1)
    rexml (3.2.5)
    rspec (3.9.0)
      rspec-core (~> 3.9.0)
      rspec-expectations (~> 3.9.0)
      rspec-mocks (~> 3.9.0)
    rspec-core (3.9.2)
      rspec-support (~> 3.9.3)
    rspec-expectations (3.9.2)
      diff-lcs (>= 1.2.0, < 2.0)
      rspec-support (~> 3.9.0)
    rspec-mocks (3.9.1)
      diff-lcs (>= 1.2.0, < 2.0)
      rspec-support (~> 3.9.0)
    rspec-support (3.9.3)
    rubocop (1.11.0)
      parallel (~> 1.10)
      parser (>= 3.0.0.0)
      rainbow (>= 2.2.2, < 4.0)
      regexp_parser (>= 1.8, < 3.0)
      rexml
      rubocop-ast (>= 1.2.0, < 2.0)
      ruby-progressbar (~> 1.7)
      unicode-display_width (>= 1.4.0, < 3.0)
    rubocop-ast (1.7.0)
      parser (>= 3.0.1.1)
    ruby-progressbar (1.11.0)
    simplecov (0.18.5)
      docile (~> 1.1)
      simplecov-html (~> 0.11)
    simplecov-html (0.12.2)
    unicode-display_width (2.0.0)
    yard (0.9.26)

PLATFORMS
  ruby

DEPENDENCIES
  cfn-model (~> 0.5.0)
  citizens-advice-style!
  cloudformation-ruby-dsl!
  nexus (~> 1.4)
  pry (~> 0.13.0)
  rspec (~> 3.8)
  simplecov (~> 0.18.0)
  yard (~> 0.9.0)

BUNDLED WITH
   2.1.4
