GIT
  remote: https://github.com/citizensadvice/citizens-advice-style-ruby.git
  revision: bbc54178ddfd6fc94a57fd9f6d6ff0520bfdcd99
  tag: v0.3.0
  specs:
    citizens-advice-style (0.3.0)
      rubocop (~> 0.85.1)

PATH
  remote: .
  specs:
    cloudformation-ruby-dsl (1.6.6)
      aws-sdk-cloudformation (~> 1.24)
      aws-sdk-s3 (~> 1.45)
      bundler (~> 2.0)
      detabulator (~> 0.1.0)
      diffy (~> 3.3)
      highline (~> 2.0)
      rake (~> 12.3)

GEM
  remote: https://rubygems.org/
  specs:
    ast (2.4.1)
    aws-eventstream (1.1.0)
    aws-partitions (1.368.0)
    aws-sdk-cloudformation (1.42.0)
      aws-sdk-core (~> 3, >= 3.99.0)
      aws-sigv4 (~> 1.1)
    aws-sdk-core (3.105.0)
      aws-eventstream (~> 1, >= 1.0.2)
      aws-partitions (~> 1, >= 1.239.0)
      aws-sigv4 (~> 1.1)
      jmespath (~> 1.0)
    aws-sdk-kms (1.37.0)
      aws-sdk-core (~> 3, >= 3.99.0)
      aws-sigv4 (~> 1.1)
    aws-sdk-s3 (1.80.0)
      aws-sdk-core (~> 3, >= 3.104.3)
      aws-sdk-kms (~> 1)
      aws-sigv4 (~> 1.1)
    aws-sigv4 (1.2.2)
      aws-eventstream (~> 1, >= 1.0.2)
    cfn-model (0.5.1)
      kwalify (= 0.7.2)
      psych (~> 3)
    coderay (1.1.3)
    detabulator (0.1.0)
    diff-lcs (1.4.4)
    diffy (3.4.0)
    docile (1.3.2)
    highline (2.0.3)
    jmespath (1.4.0)
    kwalify (0.7.2)
    method_source (1.0.0)
    nexus (1.4.0)
    parallel (1.19.2)
    parser (2.7.1.4)
      ast (~> 2.4.1)
    pry (0.13.1)
      coderay (~> 1.1)
      method_source (~> 1.0)
    psych (3.2.0)
    rainbow (3.0.0)
    rake (12.3.3)
    regexp_parser (1.7.1)
    rexml (3.2.4)
    rspec (3.9.0)
      rspec-core (~> 3.9.0)
      rspec-expectations (~> 3.9.0)
      rspec-mocks (~> 3.9.0)
    rspec-core (3.9.2)
      rspec-support (~> 3.9.3)
    rspec-expectations (3.9.2)
      diff-lcs (>= 1.2.0, < 2.0)
      rspec-support (~> 3.9.0)
    rspec-mocks (3.9.1)
      diff-lcs (>= 1.2.0, < 2.0)
      rspec-support (~> 3.9.0)
    rspec-support (3.9.3)
    rubocop (0.85.1)
      parallel (~> 1.10)
      parser (>= 2.7.0.1)
      rainbow (>= 2.2.2, < 4.0)
      regexp_parser (>= 1.7)
      rexml
      rubocop-ast (>= 0.0.3)
      ruby-progressbar (~> 1.7)
      unicode-display_width (>= 1.4.0, < 2.0)
    rubocop-ast (0.4.0)
      parser (>= 2.7.1.4)
    ruby-progressbar (1.10.1)
    simplecov (0.18.5)
      docile (~> 1.1)
      simplecov-html (~> 0.11)
    simplecov-html (0.12.2)
    unicode-display_width (1.7.0)
    yard (0.9.25)

PLATFORMS
  ruby

DEPENDENCIES
  cfn-model (~> 0.5.0)
  citizens-advice-style!
  cloudformation-ruby-dsl!
  nexus (~> 1.4)
  pry (~> 0.13.0)
  rspec (~> 3.8)
  simplecov (~> 0.18.0)
  yard (~> 0.9.0)

BUNDLED WITH
   2.1.4
