PATH
  remote: .
  specs:
    cloudformation-ruby-dsl (1.6.1)
      aws-sdk-cloudformation (~> 1.24)
      aws-sdk-s3 (~> 1.45)
      bundler (~> 2.0)
      detabulator (>= 0.1, < 0.2)
      diffy (~> 3.3)
      highline (~> 2.0)
      rake (~> 12.3)

GEM
  remote: https://rubygems.org/
  specs:
    ast (2.4.0)
    aws-eventstream (1.0.3)
    aws-partitions (1.281.0)
    aws-sdk-cloudformation (1.30.0)
      aws-sdk-core (~> 3, >= 3.71.0)
      aws-sigv4 (~> 1.1)
    aws-sdk-core (3.90.1)
      aws-eventstream (~> 1.0, >= 1.0.2)
      aws-partitions (~> 1, >= 1.239.0)
      aws-sigv4 (~> 1.1)
      jmespath (~> 1.0)
    aws-sdk-kms (1.29.0)
      aws-sdk-core (~> 3, >= 3.71.0)
      aws-sigv4 (~> 1.1)
    aws-sdk-s3 (1.60.2)
      aws-sdk-core (~> 3, >= 3.83.0)
      aws-sdk-kms (~> 1)
      aws-sigv4 (~> 1.1)
    aws-sigv4 (1.1.1)
      aws-eventstream (~> 1.0, >= 1.0.2)
    cfn-model (0.4.21)
      kwalify (= 0.7.2)
      psych (~> 3)
    coderay (1.1.2)
    detabulator (0.1.0)
    diff-lcs (1.3)
    diffy (3.3.0)
    highline (2.0.3)
    jaro_winkler (1.5.4)
    jmespath (1.4.0)
    kwalify (0.7.2)
    method_source (0.9.2)
    parallel (1.19.1)
    parser (2.7.1.0)
      ast (~> 2.4.0)
    pry (0.12.2)
      coderay (~> 1.1.0)
      method_source (~> 0.9.0)
    psych (3.1.0)
    rainbow (3.0.0)
    rake (12.3.3)
    rspec (3.9.0)
      rspec-core (~> 3.9.0)
      rspec-expectations (~> 3.9.0)
      rspec-mocks (~> 3.9.0)
    rspec-core (3.9.1)
      rspec-support (~> 3.9.1)
    rspec-expectations (3.9.0)
      diff-lcs (>= 1.2.0, < 2.0)
      rspec-support (~> 3.9.0)
    rspec-mocks (3.9.1)
      diff-lcs (>= 1.2.0, < 2.0)
      rspec-support (~> 3.9.0)
    rspec-support (3.9.2)
    rubocop (0.79.0)
      jaro_winkler (~> 1.5.1)
      parallel (~> 1.10)
      parser (>= 2.7.0.1)
      rainbow (>= 2.2.2, < 4.0)
      ruby-progressbar (~> 1.7)
      unicode-display_width (>= 1.4.0, < 1.7)
    ruby-progressbar (1.10.1)
    unicode-display_width (1.6.1)

PLATFORMS
  ruby

DEPENDENCIES
  cfn-model (>= 0.4, < 0.5)
  cloudformation-ruby-dsl!
  pry (>= 0.12, < 0.13)
  rspec (~> 3.8)
  rubocop (~> 0.79.0)

BUNDLED WITH
   2.1.4
