PATH
  remote: .
  specs:
    cloudformation-ruby-dsl (1.6.0)
      aws-sdk-cloudformation (~> 1.24)
      aws-sdk-s3 (~> 1.45)
      bundler (~> 2.0)
      detabulator (>= 0.1, < 0.2)
      diffy (~> 3.3)
      highline (~> 2.0)
      rake (~> 12.3)

GEM
  remote: https://rubygems.org/
  specs:
    aws-eventstream (1.0.3)
    aws-partitions (1.278.0)
    aws-sdk-cloudformation (1.30.0)
      aws-sdk-core (~> 3, >= 3.71.0)
      aws-sigv4 (~> 1.1)
    aws-sdk-core (3.90.1)
      aws-eventstream (~> 1.0, >= 1.0.2)
      aws-partitions (~> 1, >= 1.239.0)
      aws-sigv4 (~> 1.1)
      jmespath (~> 1.0)
    aws-sdk-kms (1.29.0)
      aws-sdk-core (~> 3, >= 3.71.0)
      aws-sigv4 (~> 1.1)
    aws-sdk-s3 (1.60.2)
      aws-sdk-core (~> 3, >= 3.83.0)
      aws-sdk-kms (~> 1)
      aws-sigv4 (~> 1.1)
    aws-sigv4 (1.1.1)
      aws-eventstream (~> 1.0, >= 1.0.2)
    cfn-model (0.4.18)
      kwalify (= 0.7.2)
      psych (~> 3)
    coderay (1.1.2)
    detabulator (0.1.0)
    diff-lcs (1.3)
    diffy (3.3.0)
    highline (2.0.3)
    jmespath (1.4.0)
    kwalify (0.7.2)
    method_source (0.9.2)
    pry (0.12.2)
      coderay (~> 1.1.0)
      method_source (~> 0.9.0)
    psych (3.1.0)
    rake (12.3.3)
    rspec (3.9.0)
      rspec-core (~> 3.9.0)
      rspec-expectations (~> 3.9.0)
      rspec-mocks (~> 3.9.0)
    rspec-core (3.9.1)
      rspec-support (~> 3.9.1)
    rspec-expectations (3.9.0)
      diff-lcs (>= 1.2.0, < 2.0)
      rspec-support (~> 3.9.0)
    rspec-mocks (3.9.1)
      diff-lcs (>= 1.2.0, < 2.0)
      rspec-support (~> 3.9.0)
    rspec-support (3.9.2)

PLATFORMS
  ruby

DEPENDENCIES
  cfn-model (>= 0.4, < 0.5)
  cloudformation-ruby-dsl!
  pry (>= 0.12, < 0.13)
  rspec (~> 3.8)

BUNDLED WITH
   2.0.2
